GEM
  remote: http://rubygems.org/
  specs:
    addressable (2.2.2)
    awesome_print (0.3.1)
    diff-lcs (1.1.2)
    fakeweb (1.3.0)
    nokogiri (1.4.4)
    rspec (2.2.0)
      rspec-core (~> 2.2)
      rspec-expectations (~> 2.2)
      rspec-mocks (~> 2.2)
    rspec-core (2.2.1)
    rspec-expectations (2.2.0)
      diff-lcs (~> 1.1.2)
    rspec-mocks (2.2.0)
    typhoeus (0.2.0)

PLATFORMS
  ruby

DEPENDENCIES
  addressable
  awesome_print
  fakeweb
  nokogiri
  rspec
  typhoeus
